GIT
  remote: https://github.com/schacon/showoff.git
  revision: 0188635110ab559a603a77be8f2766e34485627d
  specs:
    showoff (0.4.2)
      bluecloth
      gli (>= 1.2.5)
      json
      nokogiri
      sinatra

GEM
  remote: http://rubygems.org/
  specs:
    bluecloth (2.1.0)
    gli (1.3.2)
    json (1.5.3)
    nokogiri (1.5.0)
    rack (1.3.1)
    rdiscount (1.6.8)
    sinatra (1.2.6)
      rack (~> 1.1)
      tilt (< 2.0, >= 1.2.2)
    tilt (1.3.2)

PLATFORMS
  ruby

DEPENDENCIES
  gli
  nokogiri
  rdiscount
  showoff!
